GEM
  remote: http://rubygems.org/
  specs:
    ansi (1.4.3)
    minitest (5.2.1)
    turn (0.9.6)
      ansi
    vcr (2.8.0)

PLATFORMS
  ruby

DEPENDENCIES
  minitest
  turn
  vcr
